GIT
  remote: https://github.com/twindb/omnibus-software.git
  revision: 26582902c379d47259cf266ee238f4fa1ae9f5ba
  specs:
    omnibus-software (4.0.0)
      omnibus (>= 5.6.1)

GEM
  remote: https://rubygems.org/
  specs:
    addressable (2.3.8)
    awesome_print (1.8.0)
    aws-eventstream (1.0.3)
    aws-partitions (1.166.0)
    aws-sdk-core (3.53.1)
      aws-eventstream (~> 1.0, >= 1.0.2)
      aws-partitions (~> 1.0)
      aws-sigv4 (~> 1.1)
      jmespath (~> 1.0)
    aws-sdk-kms (1.21.0)
      aws-sdk-core (~> 3, >= 3.53.0)
      aws-sigv4 (~> 1.1)
    aws-sdk-s3 (1.40.0)
      aws-sdk-core (~> 3, >= 3.53.0)
      aws-sdk-kms (~> 1)
      aws-sigv4 (~> 1.0)
    aws-sigv4 (1.1.0)
      aws-eventstream (~> 1.0, >= 1.0.2)
    berkshelf (3.3.0)
      addressable (~> 2.3.4)
      berkshelf-api-client (~> 1.2)
      buff-config (~> 1.0)
      buff-extensions (~> 1.0)
      buff-shell_out (~> 0.1)
      celluloid (~> 0.16.0)
      celluloid-io (~> 0.16.1)
      cleanroom (~> 1.0)
      faraday (~> 0.9.0)
      httpclient (~> 2.6.0)
      minitar (~> 0.5.4)
      octokit (~> 3.0)
      retryable (~> 2.0)
      ridley (~> 4.0)
      solve (~> 1.1)
      thor (~> 0.19)
    berkshelf-api-client (1.3.1)
      faraday (~> 0.9.1)
      httpclient (~> 2.6.0)
    buff-config (1.0.1)
      buff-extensions (~> 1.0)
      varia_model (~> 0.4)
    buff-extensions (1.0.0)
    buff-ignore (1.2.0)
    buff-ruby_engine (0.1.0)
    buff-shell_out (0.2.0)
      buff-ruby_engine (~> 0.1.0)
    builder (3.2.3)
    celluloid (0.16.0)
      timers (~> 4.0.0)
    celluloid-io (0.16.2)
      celluloid (>= 0.16.0)
      nio4r (>= 1.1.0)
    chef-config (15.0.300)
      addressable
      fuzzyurl
      mixlib-config (>= 2.2.12, < 4.0)
      mixlib-shellout (>= 2.0, < 4.0)
      tomlrb (~> 1.2)
    chef-sugar (5.0.1)
    citrus (3.0.2)
    cleanroom (1.0.0)
    dep-selector-libgecode (1.3.1)
    dep_selector (1.0.6)
      dep-selector-libgecode (~> 1.0)
      ffi (~> 1.9)
    erubis (2.7.0)
    faraday (0.9.2)
      multipart-post (>= 1.2, < 3)
    ffi (1.11.1)
    ffi-yajl (2.3.1)
      libyajl2 (~> 1.2)
    fuzzyurl (0.9.0)
    gssapi (1.3.0)
      ffi (>= 1.0.1)
    gyoku (1.3.1)
      builder (>= 2.1.2)
    hashie (3.6.0)
    hitimes (1.3.1)
    httpclient (2.6.0.1)
    iostruct (0.0.4)
    ipaddress (0.8.3)
    jmespath (1.4.0)
    json (2.3.1)
    kitchen-vagrant (0.21.1)
      test-kitchen (~> 1.4)
    libyajl2 (1.2.0)
    license_scout (1.0.24)
      ffi-yajl (~> 2.2)
      mixlib-shellout (~> 2.2)
      toml-rb (~> 1.0)
    little-plugger (1.1.4)
    logging (2.2.2)
      little-plugger (~> 1.1)
      multi_json (~> 1.10)
    minitar (0.5.4)
    mixlib-authentication (3.0.1)
    mixlib-cli (2.0.6)
    mixlib-config (3.0.1)
      tomlrb
    mixlib-install (3.11.18)
      mixlib-shellout
      mixlib-versioning
      thor
    mixlib-log (3.0.1)
    mixlib-shellout (2.4.4)
    mixlib-versioning (1.2.7)
    multi_json (1.13.1)
    multipart-post (2.0.0)
    net-scp (1.2.1)
      net-ssh (>= 2.6.5)
    net-ssh (4.2.0)
    net-ssh-gateway (1.3.0)
      net-ssh (>= 2.6.5)
    nio4r (2.3.1)
    nori (2.6.0)
    octokit (3.8.0)
      sawyer (~> 0.6.0, >= 0.5.3)
    ohai (15.0.35)
      chef-config (>= 12.8, < 16)
      ffi (~> 1.9)
      ffi-yajl (~> 2.2)
      ipaddress
      mixlib-cli (>= 1.7.0)
      mixlib-config (>= 2.0, < 4.0)
      mixlib-log (>= 2.0.1, < 4.0)
      mixlib-shellout (>= 2.0, < 4.0)
      plist (~> 3.1)
      systemu (~> 2.6.4)
      wmi-lite (~> 1.0)
    omnibus (6.0.25)
      aws-sdk-s3 (~> 1)
      chef-sugar (>= 3.3)
      cleanroom (~> 1.0)
      ffi-yajl (~> 2.2)
      license_scout (~> 1.0)
      mixlib-shellout (>= 2.0, < 4.0)
      mixlib-versioning
      ohai (>= 13, < 16)
      pedump
      ruby-progressbar (~> 1.7)
      thor (~> 0.18)
    pedump (0.5.2)
      awesome_print
      iostruct (>= 0.0.4)
      multipart-post (~> 2.0.0)
      progressbar
      zhexdump (>= 0.0.2)
    plist (3.5.0)
    progressbar (1.10.0)
    retryable (2.0.4)
    ridley (4.4.2)
      addressable
      buff-config (~> 1.0)
      buff-extensions (~> 1.0)
      buff-ignore (~> 1.1)
      buff-shell_out (~> 0.1)
      celluloid (~> 0.16.0)
      celluloid-io (~> 0.16.1)
      chef-config
      erubis
      faraday (~> 0.9.0)
      hashie (>= 2.0.2, < 4.0.0)
      httpclient (~> 2.6)
      json (>= 1.7.7)
      mixlib-authentication (>= 1.3.0)
      retryable (~> 2.0)
      semverse (~> 1.1)
      varia_model (~> 0.4.0)
    ruby-progressbar (1.10.0)
    rubyntlm (0.6.2)
    rubyzip (1.2.2)
    sawyer (0.6.0)
      addressable (~> 2.3.5)
      faraday (~> 0.8, < 0.10)
    semverse (1.2.1)
    solve (1.2.1)
      dep_selector (~> 1.0)
      semverse (~> 1.1)
    systemu (2.6.5)
    test-kitchen (1.24.0)
      mixlib-install (~> 3.6)
      mixlib-shellout (>= 1.2, < 3.0)
      net-scp (~> 1.1)
      net-ssh (>= 2.9, < 5.0)
      net-ssh-gateway (~> 1.2)
      thor (~> 0.19)
      winrm (~> 2.0)
      winrm-elevated (~> 1.0)
      winrm-fs (~> 1.1)
    thor (0.20.3)
    timers (4.0.4)
      hitimes
    toml-rb (1.1.2)
      citrus (~> 3.0, > 3.0)
    tomlrb (1.2.8)
    varia_model (0.4.1)
      buff-extensions (~> 1.0)
      hashie (>= 2.0.2, < 4.0.0)
    winrm (2.3.2)
      builder (>= 2.1.2)
      erubis (~> 2.7)
      gssapi (~> 1.2)
      gyoku (~> 1.0)
      httpclient (~> 2.2, >= 2.2.0.2)
      logging (>= 1.6.1, < 3.0)
      nori (~> 2.0)
      rubyntlm (~> 0.6.0, >= 0.6.1)
    winrm-elevated (1.1.1)
      winrm (~> 2.0)
      winrm-fs (~> 1.0)
    winrm-fs (1.3.2)
      erubis (~> 2.7)
      logging (>= 1.6.1, < 3.0)
      rubyzip (~> 1.1)
      winrm (~> 2.0)
    wmi-lite (1.0.2)
    zhexdump (0.0.2)

PLATFORMS
  ruby

DEPENDENCIES
  berkshelf (~> 3.3)
  kitchen-vagrant (~> 0.18)
  omnibus (~> 6.0)
  omnibus-software!
  test-kitchen (~> 1.4)

BUNDLED WITH
   2.0.1
